PATH
  remote: .
  specs:
    validates_fullwidth_length_of (0.0.1)
      activerecord (~> 3.0.0)

GEM
  remote: http://rubygems.org/
  specs:
    activemodel (3.0.11)
      activesupport (= 3.0.11)
      builder (~> 2.1.2)
      i18n (~> 0.5.0)
    activerecord (3.0.11)
      activemodel (= 3.0.11)
      activesupport (= 3.0.11)
      arel (~> 2.0.10)
      tzinfo (~> 0.3.23)
    activesupport (3.0.11)
    arel (2.0.10)
    builder (2.1.2)
    diff-lcs (1.1.2)
    i18n (0.5.0)
    rspec (2.0.0)
      rspec-core (= 2.0.0)
      rspec-expectations (= 2.0.0)
      rspec-mocks (= 2.0.0)
    rspec-core (2.0.0)
    rspec-expectations (2.0.0)
      diff-lcs (>= 1.1.2)
    rspec-mocks (2.0.0)
      rspec-core (= 2.0.0)
      rspec-expectations (= 2.0.0)
    sqlite3 (1.3.5)
    tzinfo (0.3.31)

PLATFORMS
  ruby

DEPENDENCIES
  rspec (>= 2.0.0)
  sqlite3
  validates_fullwidth_length_of!
